GEM
  remote: https://rubygems.org/
  specs:
    pg (1.1.4)
    webrick (1.4.2)

PLATFORMS
  ruby

DEPENDENCIES
  pg
  webrick

BUNDLED WITH
   2.0.1
