GEM
  remote: https://rubygems.org/
  specs:
    webrick (1.4.2)

PLATFORMS
  ruby

DEPENDENCIES
  webrick

BUNDLED WITH
   2.0.1
